PATH
  remote: .
  specs:
    autolinks (0.2.0)
      sanitize (~> 3.1, >= 3.1.0)

GEM
  remote: http://rubygems.org/
  specs:
    crass (1.0.1)
    diff-lcs (1.2.5)
    ffaker (1.30.0)
    mini_portile (0.6.2)
    nokogiri (1.6.5)
      mini_portile (~> 0.6.0)
    nokogumbo (1.2.0)
      nokogiri
    rake (10.4.2)
    rspec (3.1.0)
      rspec-core (~> 3.1.0)
      rspec-expectations (~> 3.1.0)
      rspec-mocks (~> 3.1.0)
    rspec-core (3.1.7)
      rspec-support (~> 3.1.0)
    rspec-expectations (3.1.2)
      diff-lcs (>= 1.2.0, < 2.0)
      rspec-support (~> 3.1.0)
    rspec-mocks (3.1.3)
      rspec-support (~> 3.1.0)
    rspec-support (3.1.2)
    sanitize (3.1.0)
      crass (~> 1.0.1)
      nokogiri (>= 1.4.4)
      nokogumbo (= 1.2.0)

PLATFORMS
  ruby

DEPENDENCIES
  autolinks!
  ffaker (~> 1.30, >= 1.30.0)
  rake
  rspec (~> 3.1, >= 3.1.0)
